GEM
  remote: https://rubygems.org/
  specs:
    mini_portile (0.5.2)
    nokogiri (1.6.0)
      mini_portile (~> 0.5.0)
    rake (10.2.2)

PLATFORMS
  ruby

DEPENDENCIES
  nokogiri
  rake
